GEM
  remote: https://rubygems.org/
  specs:
    kgio (2.11.4)
    raindrops (0.20.0)
    unicorn (6.1.0)
      kgio (~> 2.6)
      raindrops (~> 0.7)

PLATFORMS
  x86_64-linux

DEPENDENCIES
  unicorn

BUNDLED WITH
   2.3.26
